GEM
  remote: https://rubygems.org/
  specs:
    activesupport (4.0.0)
      i18n (~> 0.6, >= 0.6.4)
      minitest (~> 4.2)
      multi_json (~> 1.3)
      thread_safe (~> 0.1)
      tzinfo (~> 0.3.37)
    atomic (1.1.14)
    ethon (0.6.1)
      ffi (>= 1.3.0)
      mime-types (~> 1.18)
    ffi (1.9.0)
    i18n (0.6.5)
    mime-types (1.25)
    minitest (4.7.5)
    multi_json (1.8.0)
    thread_safe (0.1.3)
      atomic
    typhoeus (0.6.5)
      ethon (~> 0.6.1)
    tzinfo (0.3.37)

PLATFORMS
  ruby

DEPENDENCIES
  activesupport
  typhoeus (~> 0.6.5)
